GEM
  remote: https://rubygems.org/
  specs:
    regexp_parser (1.7.0)
    sorbet (0.5.5713)
      sorbet-static (= 0.5.5713)
    sorbet-runtime (0.5.5713)
    sorbet-static (0.5.5713-universal-darwin-14)

PLATFORMS
  ruby

DEPENDENCIES
  regexp_parser (= 1.7.0)
  sorbet
  sorbet-runtime

BUNDLED WITH
   1.17.2
